GEM
  remote: http://rubygems.org/
  specs:
    differ (0.1.2)
    thor (0.14.6)

PLATFORMS
  ruby

DEPENDENCIES
  differ
  thor
