GEM
  remote: http://rubygems.org/
  specs:
    diff-lcs (1.1.2)
    thor (0.14.6)

PLATFORMS
  ruby

DEPENDENCIES
  diff-lcs
  thor
